GEM
  remote: https://rubygems.org/
  specs:
    activesupport (7.0.8.7)
      concurrent-ruby (~> 1.0, >= 1.0.2)
      i18n (>= 1.6, < 2)
      minitest (>= 5.1)
      tzinfo (~> 2.0)
    addressable (2.8.7)
      public_suffix (>= 2.0.2, < 7.0)
    aws-eventstream (1.4.0)
    aws-sigv4 (1.12.1)
      aws-eventstream (~> 1, >= 1.0.2)
    base64 (0.3.0)
    bigdecimal (3.2.2)
    builder (3.3.0)
    byebug (12.0.0)
    charlock_holmes (0.7.9)
    concurrent-ruby (1.3.4)
    cookiejar (0.3.4)
    crack (1.0.0)
      bigdecimal
      rexml
    crass (1.0.6)
    diff-lcs (1.6.2)
    domain_name (0.6.20240107)
    em-http-request (1.1.7)
      addressable (>= 2.3.4)
      cookiejar (!= 0.3.1)
      em-socksify (>= 0.3)
      eventmachine (>= 1.0.3)
      http_parser.rb (>= 0.6.0)
    em-socksify (0.3.3)
      base64
      eventmachine (>= 1.0.0.beta.4)
    eventmachine (1.2.7)
    gyoku (1.4.0)
      builder (>= 2.1.2)
      rexml (~> 3.0)
    hashdiff (1.2.0)
    http-accept (1.7.0)
    http-cookie (1.0.8)
      domain_name (~> 0.5)
    http_parser.rb (0.8.0)
    i18n (1.14.7)
      concurrent-ruby (~> 1.0)
    jwt (2.10.2)
      base64
    launchy (2.5.2)
      addressable (~> 2.8)
    logger (1.7.0)
    loofah (2.24.1)
      crass (~> 1.0.2)
      nokogiri (>= 1.12.0)
    mime-types (3.7.0)
      logger
      mime-types-data (~> 3.2025, >= 3.2025.0507)
    mime-types-data (3.2025.0708)
    minitest (5.25.5)
    net-http-digest_auth (1.4.1)
    netrc (0.11.0)
    nokogiri (1.18.8-aarch64-linux-gnu)
      racc (~> 1.4)
    nokogiri (1.18.8-aarch64-linux-musl)
      racc (~> 1.4)
    nokogiri (1.18.8-arm-linux-gnu)
      racc (~> 1.4)
    nokogiri (1.18.8-arm-linux-musl)
      racc (~> 1.4)
    nokogiri (1.18.8-arm64-darwin)
      racc (~> 1.4)
    nokogiri (1.18.8-x86_64-darwin)
      racc (~> 1.4)
    nokogiri (1.18.8-x86_64-linux-gnu)
      racc (~> 1.4)
    nokogiri (1.18.8-x86_64-linux-musl)
      racc (~> 1.4)
    public_suffix (5.1.1)
    racc (1.8.1)
    rack (2.2.17)
    rails-html-sanitizer (1.6.2)
      loofah (~> 2.21)
      nokogiri (>= 1.15.7, != 1.16.7, != 1.16.6, != 1.16.5, != 1.16.4, != 1.16.3, != 1.16.2, != 1.16.1, != 1.16.0.rc1, != 1.16.0)
    rest-client (2.1.0)
      http-accept (>= 1.7.0, < 2.0)
      http-cookie (>= 1.0.2, < 2.0)
      mime-types (>= 1.16, < 4.0)
      netrc (~> 0.8)
    rexml (3.4.1)
    rspec (3.13.1)
      rspec-core (~> 3.13.0)
      rspec-expectations (~> 3.13.0)
      rspec-mocks (~> 3.13.0)
    rspec-core (3.13.5)
      rspec-support (~> 3.13.0)
    rspec-expectations (3.13.5)
      diff-lcs (>= 1.2.0, < 2.0)
      rspec-support (~> 3.13.0)
    rspec-mocks (3.13.5)
      diff-lcs (>= 1.2.0, < 2.0)
      rspec-support (~> 3.13.0)
    rspec-support (3.13.4)
    ruby-progressbar (1.13.0)
    ruby_rncryptor (3.0.2)
    rubyzip (2.4.1)
    sorbet-runtime (0.5.12221)
    thor (1.3.2)
    timecop (0.9.10)
    tzinfo (2.0.6)
      concurrent-ruby (~> 1.0)
    vcr (6.3.1)
      base64
    webmock (3.25.1)
      addressable (>= 2.8.0)
      crack (>= 0.3.2)
      hashdiff (>= 0.4.0, < 2.0.0)
    webrick (1.9.1)
    workato-connector-sdk (1.3.15)
      activesupport (>= 5.2, < 7.1)
      aws-sigv4 (~> 1.2, >= 1.2.4)
      bundler (~> 2.0)
      charlock_holmes (~> 0.7, >= 0.7.7)
      concurrent-ruby (~> 1.0, != 1.3.5)
      em-http-request (~> 1.0)
      gyoku (~> 1.3, >= 1.3.1)
      i18n (>= 0.9.5, < 2.0)
      jwt (>= 1.5.6, < 3.0)
      launchy (~> 2.0)
      net-http-digest_auth (~> 1.4)
      nokogiri (>= 1.13.10, < 1.19)
      public_suffix (>= 4.0.7, < 6.0)
      rack (~> 2.0)
      rails-html-sanitizer (~> 1.4, >= 1.4.3)
      rest-client (= 2.1.0)
      ruby-progressbar (~> 1.0)
      ruby_rncryptor (~> 3.0)
      rubyzip (~> 2.3)
      sorbet-runtime (~> 0.5)
      thor (~> 1.0)
      webrick (~> 1.0)

PLATFORMS
  aarch64-linux-gnu
  aarch64-linux-musl
  arm-linux-gnu
  arm-linux-musl
  arm64-darwin
  x86_64-darwin
  x86_64-linux-gnu
  x86_64-linux-musl

DEPENDENCIES
  byebug
  rspec
  timecop
  tzinfo-data
  vcr
  webmock
  workato-connector-sdk

BUNDLED WITH
   2.6.3
